PATH
  remote: .
  specs:
    instrument_all_the_things (1.3.0)
      ddtrace (~> 1.2.0)
      dogstatsd-ruby (~> 5.5.0)

GEM
  remote: https://rubygems.org/
  specs:
    ast (2.4.2)
    benchmark-ips (2.10.0)
    coderay (1.1.3)
    ddtrace (1.2.0)
      debase-ruby_core_source (= 0.10.16)
      libddprof (~> 0.6.0.1.0)
      libddwaf (~> 1.3.0.2.0)
      msgpack
    debase-ruby_core_source (0.10.16)
    diff-lcs (1.5.0)
    docile (1.4.0)
    dogstatsd-ruby (5.5.0)
    ffi (1.15.5)
    json (2.6.2)
    libddprof (0.6.0.1.0)
    libddwaf (1.3.0.2.0)
      ffi (~> 1.0)
    libddwaf (1.3.0.2.0-x86_64-darwin)
      ffi (~> 1.0)
    method_source (1.0.0)
    msgpack (1.5.3)
    parallel (1.22.1)
    parser (3.1.2.0)
      ast (~> 2.4.1)
    pry (0.14.1)
      coderay (~> 1.1)
      method_source (~> 1.0)
    rainbow (3.1.1)
    rake (10.5.0)
    regexp_parser (2.5.0)
    rexml (3.2.5)
    rspec (3.11.0)
      rspec-core (~> 3.11.0)
      rspec-expectations (~> 3.11.0)
      rspec-mocks (~> 3.11.0)
    rspec-core (3.11.0)
      rspec-support (~> 3.11.0)
    rspec-expectations (3.11.0)
      diff-lcs (>= 1.2.0, < 2.0)
      rspec-support (~> 3.11.0)
    rspec-mocks (3.11.1)
      diff-lcs (>= 1.2.0, < 2.0)
      rspec-support (~> 3.11.0)
    rspec-support (3.11.0)
    rubocop (1.31.2)
      json (~> 2.3)
      parallel (~> 1.10)
      parser (>= 3.1.0.0)
      rainbow (>= 2.2.2, < 4.0)
      regexp_parser (>= 1.8, < 3.0)
      rexml (>= 3.2.5, < 4.0)
      rubocop-ast (>= 1.18.0, < 2.0)
      ruby-progressbar (~> 1.7)
      unicode-display_width (>= 1.4.0, < 3.0)
    rubocop-ast (1.19.1)
      parser (>= 3.1.1.0)
    ruby-progressbar (1.11.0)
    simplecov (0.21.2)
      docile (~> 1.1)
      simplecov-html (~> 0.11)
      simplecov_json_formatter (~> 0.1)
    simplecov-html (0.12.3)
    simplecov_json_formatter (0.1.4)
    unicode-display_width (2.2.0)

PLATFORMS
  ruby
  x86_64-darwin-18

DEPENDENCIES
  benchmark-ips
  bundler (~> 2.0)
  instrument_all_the_things!
  pry
  rake (~> 10.0)
  rspec (~> 3.0)
  rubocop
  simplecov

BUNDLED WITH
   2.2.22
