PATH
  remote: .
  specs:
    instrument_all_the_things (0.1.0)
      ddtrace
      dogstatsd-ruby

GEM
  remote: https://rubygems.org/
  specs:
    coderay (1.1.2)
    ddtrace (0.32.0)
      msgpack
    diff-lcs (1.3)
    docile (1.3.2)
    dogstatsd-ruby (4.6.0)
    method_source (0.9.2)
    msgpack (1.3.3)
    pry (0.12.2)
      coderay (~> 1.1.0)
      method_source (~> 0.9.0)
    rake (10.5.0)
    rspec (3.9.0)
      rspec-core (~> 3.9.0)
      rspec-expectations (~> 3.9.0)
      rspec-mocks (~> 3.9.0)
    rspec-core (3.9.1)
      rspec-support (~> 3.9.1)
    rspec-expectations (3.9.0)
      diff-lcs (>= 1.2.0, < 2.0)
      rspec-support (~> 3.9.0)
    rspec-mocks (3.9.1)
      diff-lcs (>= 1.2.0, < 2.0)
      rspec-support (~> 3.9.0)
    rspec-support (3.9.2)
    simplecov (0.18.1)
      docile (~> 1.1)
      simplecov-html (~> 0.11.0)
    simplecov-html (0.11.0)

PLATFORMS
  ruby
  x86_64-darwin-18

DEPENDENCIES
  bundler (~> 2.0)
  instrument_all_the_things!
  pry
  rake (~> 10.0)
  rspec (~> 3.0)
  simplecov

BUNDLED WITH
   2.0.2
